GEM
  remote: http://rubygems.org/
  specs:
    activesupport (6.0.6.1)
      concurrent-ruby (~> 1.0, >= 1.0.2)
      i18n (>= 0.7, < 2)
      minitest (~> 5.1)
      tzinfo (~> 1.1)
      zeitwerk (~> 2.2, >= 2.2.2)
    concurrent-ruby (1.2.0)
    hpricot (0.8.1)
    i18n (1.12.0)
      concurrent-ruby (~> 1.0)
    mechanize (0.9.0)
      nokogiri (>= 1.0.7)
    minitest (5.17.0)
    nokogiri (1.4.3.1)
    simple-rss (1.2)
    thread_safe (0.3.6)
    tzinfo (1.2.11)
      thread_safe (~> 0.1)
    zeitwerk (2.6.6)

PLATFORMS
  ruby

DEPENDENCIES
  activesupport (= 6.0.6.1)
  hpricot (= 0.8.1)
  mechanize (= 0.9.0)
  simple-rss (= 1.2)
