GEM
  remote: http://rubygems.org/
  specs:
    activesupport (2.3.2)
    hpricot (0.8.1)
    mechanize (0.9.0)
      nokogiri (>= 1.0.7)
    mini_portile2 (2.6.1)
    nokogiri (1.12.5)
      mini_portile2 (~> 2.6.1)
      racc (~> 1.4)
    racc (1.5.2)
    simple-rss (1.2)

PLATFORMS
  ruby

DEPENDENCIES
  activesupport (= 2.3.2)
  hpricot (= 0.8.1)
  mechanize (= 0.9.0)
  simple-rss (= 1.2)
