GEM
  remote: http://rubygems.org/
  specs:
    activesupport (6.1.7.3)
      concurrent-ruby (~> 1.0, >= 1.0.2)
      i18n (>= 1.6, < 2)
      minitest (>= 5.1)
      tzinfo (~> 2.0)
      zeitwerk (~> 2.3)
    concurrent-ruby (1.2.2)
    hpricot (0.8.1)
    i18n (1.12.0)
      concurrent-ruby (~> 1.0)
    mechanize (0.9.0)
      nokogiri (>= 1.0.7)
    minitest (5.18.0)
    nokogiri (1.4.3.1)
    simple-rss (1.2)
    tzinfo (2.0.6)
      concurrent-ruby (~> 1.0)
    zeitwerk (2.6.7)

PLATFORMS
  ruby

DEPENDENCIES
  activesupport (= 6.1.7.3)
  hpricot (= 0.8.1)
  mechanize (= 0.9.0)
  simple-rss (= 1.2)
